PATH
  remote: .
  specs:
    Austins_Top_Yoga_Studios (0.2.0)
      nokogiri

GEM
  remote: https://rubygems.org/
  specs:
    coderay (1.1.2)
    gem-release (2.0.3)
    method_source (0.9.2)
    mini_portile2 (2.4.0)
    nokogiri (1.10.8)
      mini_portile2 (~> 2.4.0)
    pry (0.12.2)
      coderay (~> 1.1.0)
      method_source (~> 0.9.0)
    rake (10.5.0)

PLATFORMS
  ruby

DEPENDENCIES
  Austins_Top_Yoga_Studios!
  bundler
  gem-release
  pry
  rake (~> 10.0)

BUNDLED WITH
   2.0.2
