PATH
  remote: .
  specs:
    Austins_Top_Yoga_Studios (0.1.0)
      nokogiri

GEM
  remote: https://rubygems.org/
  specs:
    gem-release (2.0.3)
    mini_portile2 (2.4.0)
    nokogiri (1.10.4)
      mini_portile2 (~> 2.4.0)
    rake (10.4.2)

PLATFORMS
  ruby

DEPENDENCIES
  Austins_Top_Yoga_Studios!
  bundler (~> 1.17)
  gem-release
  rake (~> 10.0)

BUNDLED WITH
   1.17.2
